PATH
  remote: .
  specs:
    html_assets (1.0.0.rc.1)
      sprockets (~> 3.0)
      tilt

GEM
  remote: http://rubygems.org/
  specs:
    base64 (0.2.0)
    concurrent-ruby (1.3.4)
    rack (2.2.10)
    sprockets (3.7.5)
      base64
      concurrent-ruby (~> 1.0)
      rack (> 1, < 3)
    tilt (2.3.0)

PLATFORMS
  ruby

DEPENDENCIES
  html_assets!

BUNDLED WITH
   2.5.4
