PATH
  remote: .
  specs:
    html_assets (0.0.1)
      sprockets (>= 2.0.3)
      tilt

GEM
  remote: http://rubygems.org/
  specs:
    concurrent-ruby (1.2.2)
    rack (3.0.4.2)
    sprockets (4.2.0)
      concurrent-ruby (~> 1.0)
      rack (>= 2.2.4, < 4)
    tilt (2.1.0)

PLATFORMS
  ruby

DEPENDENCIES
  html_assets!
